GIT
  remote: git://github.com/jlong/rack-codehighlighter.git
  revision: 6c5dcb784d14d113abf7c3a0458cdf1223adf26a
  specs:
    rack-codehighlighter (0.4.7)
      nokogiri (>= 1.4.1)
      rack (>= 1.0.0)

GEM
  remote: https://rubygems.org/
  specs:
    RedCloth (4.2.9)
    animate-sass (0.1.1)
      compass (>= 0.11.5)
    blankslate (3.1.2)
    chunky_png (1.2.8)
    compass (0.12.2)
      chunky_png (~> 1.2)
      fssm (>= 0.2.7)
      sass (~> 3.1)
    ffi (1.6.0)
    font-stacks (0.1.4)
      compass (>= 0.11.5)
    fssm (0.2.10)
    grid-coordinates (1.2.0)
      compass (>= 0.11.5)
    haml (3.1.8)
    nesta (0.9.13)
      RedCloth (~> 4.2)
      haml (~> 3.1)
      rack (~> 1.1)
      rdiscount (~> 1.6)
      sass (~> 3.1)
      shotgun (>= 0.8)
      sinatra (~> 1.3)
    nokogiri (1.5.9)
    pygments.rb (0.1.3)
      rubypython (>= 0.5.1)
    rack (1.5.2)
    rack-contrib (1.1.0)
      rack (>= 0.9.1)
    rack-protection (1.5.0)
      rack
    rack-rewrite (1.2.1)
    rake (10.0.4)
    rdiscount (1.6.8)
    rubypython (0.6.3)
      blankslate (>= 2.1.2.3)
      ffi (>= 1.0.7)
    sass (3.2.7)
    shotgun (0.9)
      rack (>= 1.0)
    sinatra (1.4.3)
      rack (~> 1.4)
      rack-protection (~> 1.4)
      tilt (~> 1.3, >= 1.3.4)
    tilt (1.4.1)

PLATFORMS
  ruby

DEPENDENCIES
  animate-sass
  compass
  font-stacks
  grid-coordinates
  nesta (= 0.9.13)
  pygments.rb (~> 0.1.2)
  rack-codehighlighter!
  rack-contrib
  rack-rewrite
  rake
