GIT
  remote: git://github.com/jlong/rack-codehighlighter.git
  revision: a6882034e55395e4f4bbb9b457acd1566fc009a8
  specs:
    rack-codehighlighter (0.4.7)
      nokogiri (>= 1.4.1)
      rack (>= 1.0.0)

GEM
  remote: http://rubygems.org/
  specs:
    RedCloth (4.2.7)
    blankslate (2.1.2.4)
    chunky_png (1.2.0)
    compass (0.11.5)
      chunky_png (~> 1.2)
      fssm (>= 0.2.7)
      sass (~> 3.1)
    css_parser (1.1.9)
    ffi (1.0.9)
    fssm (0.2.7)
    haml (3.1.2)
    maruku (0.6.0)
      syntax (>= 1.0.0)
    nesta (0.9.5)
      RedCloth (~> 4.2)
      haml (~> 3.1)
      maruku (>= 0.6.0)
      sass (~> 3.1)
      shotgun (>= 0.8)
      sinatra (= 1.1.2)
    nokogiri (1.5.0)
    pygments.rb (0.1.2)
      rubypython (>= 0.5.1)
    rack (1.3.1)
    rubypython (0.5.1)
      blankslate (>= 2.1.2.3)
      ffi (~> 1.0.7)
    sass (3.1.4)
    shotgun (0.9)
      rack (>= 1.0)
    sinatra (1.1.2)
      rack (~> 1.1)
      tilt (~> 1.2)
    syntax (1.0.0)
    tilt (1.3.2)

PLATFORMS
  ruby

DEPENDENCIES
  compass (~> 0.11.5)
  css_parser (~> 1.1.9)
  nesta (= 0.9.5)
  pygments.rb (~> 0.1.2)
  rack-codehighlighter!
