GIT
  remote: git://github.com/jlong/rack-codehighlighter.git
  revision: 6c5dcb784d14d113abf7c3a0458cdf1223adf26a
  specs:
    rack-codehighlighter (0.4.7)
      nokogiri (>= 1.4.1)
      rack (>= 1.0.0)

GEM
  remote: http://rubygems.org/
  specs:
    RedCloth (4.2.8)
    addressable (2.2.6)
    blankslate (2.1.2.4)
    chunky_png (1.2.4)
    compass (0.11.5)
      chunky_png (~> 1.2)
      fssm (>= 0.2.7)
      sass (~> 3.1)
    css_parser (1.1.9)
    ffi (1.0.9)
    fssm (0.2.7)
    grid-coordinates (1.1.5)
      compass (>= 0.11.5)
    haml (3.1.3)
    heroku (2.8.1)
      launchy (>= 0.3.2)
      rest-client (~> 1.6.1)
      rubyzip
      term-ansicolor (~> 1.0.5)
    launchy (2.0.5)
      addressable (~> 2.2.6)
    maruku (0.6.0)
      syntax (>= 1.0.0)
    mime-types (1.16)
    nesta (0.9.5)
      RedCloth (~> 4.2)
      haml (~> 3.1)
      maruku (>= 0.6.0)
      sass (~> 3.1)
      shotgun (>= 0.8)
      sinatra (= 1.1.2)
    nokogiri (1.5.0)
    pygments.rb (0.1.3)
      rubypython (>= 0.5.1)
    rack (1.3.3)
    rack-contrib (1.1.0)
      rack (>= 0.9.1)
    rake (0.9.2)
    rest-client (1.6.7)
      mime-types (>= 1.16)
    rubypython (0.5.1)
      blankslate (>= 2.1.2.3)
      ffi (~> 1.0.7)
    rubyzip (0.9.4)
    sass (3.1.7)
    shotgun (0.9)
      rack (>= 1.0)
    sinatra (1.1.2)
      rack (~> 1.1)
      tilt (~> 1.2)
    syntax (1.0.0)
    term-ansicolor (1.0.6)
    tilt (1.3.3)

PLATFORMS
  ruby

DEPENDENCIES
  compass (~> 0.11.5)
  css_parser (~> 1.1.9)
  grid-coordinates (~> 1.1.5)
  heroku
  nesta (= 0.9.5)
  pygments.rb (~> 0.1.2)
  rack-codehighlighter!
  rack-contrib
  rake
